{
	"Modality": "MR",
	"MagneticFieldStrength": 3,
	"ImagingFrequency": 123.254,
	"Manufacturer": "Siemens",
	"ManufacturersModelName": "Skyra",
	"InstitutionName": "Martinos Center Bay 1",
	"InstitutionalDepartmentName": "Department",
	"InstitutionAddress": "13th 149,Charlestown,MA,US,02129",
	"DeviceSerialNumber": "45407",
	"StationName": "BAY1OC",
	"BodyPartExamined": "BRAIN",
	"PatientPosition": "HFS",
	"ProcedureStepDescription": "LEWIS^LEWIS",
	"SoftwareVersions": "syngo MR E11",
	"MRAcquisitionType": "3D",
	"SeriesDescription": "Mag_Images",
	"ProtocolName": "Ax SWI clincial",
	"ScanningSequence": "GR",
	"SequenceVariant": "SP\\OSP",
	"SequenceName": "*swi3d1r",
	"ImageType": ["ORIGINAL", "PRIMARY", "M", "ND", "NORM"],
	"SeriesNumber": 13,
	"AcquisitionTime": "16:35:2.985000",
	"AcquisitionNumber": 1,
	"SliceThickness": 1.8,
	"SAR": 0.00956344,
	"EchoTime": 0.02,
	"RepetitionTime": 0.03,
	"FlipAngle": 12,
	"PartialFourier": 1,
	"BaseResolution": 256,
	"ShimSetting": [
		-5046,
		11814,
		-11717,
		661,
		-603,
		27,
		-141,
		3	],
	"TxRefAmp": 330,
	"PhaseResolution": 0.95,
	"ReceiveCoilName": "HeadNeck_64",
	"ReceiveCoilActiveElements": "HC1-7",
	"PulseSequenceDetails": "%SiemensSeq%\\gre",
	"RefLinesPE": 24,
	"ConsistencyInfo": "N4_VE11C_LATEST_20160120",
	"PercentPhaseFOV": 75,
	"PercentSampling": 95,
	"PhaseEncodingSteps": 182,
	"AcquisitionMatrixPE": 182,
	"ReconMatrixPE": 192,
	"ParallelReductionFactorInPlane": 2,
	"PixelBandwidth": 80,
	"DwellTime": 2.44e-05,
	"ImageOrientationPatientDICOM": [
		0.998883,
		-0.0340314,
		-0.032778,
		0.0193539,
		0.927543,
		-0.373216	],
	"InPlanePhaseEncodingDirectionDICOM": "ROW",
	"ConversionSoftware": "dcm2niix",
	"ConversionSoftwareVersion": "v1.0.20210317"
}
