{
	"Modality": "MR",
	"MagneticFieldStrength": 3,
	"ImagingFrequency": 123.254,
	"Manufacturer": "Siemens",
	"ManufacturersModelName": "Skyra",
	"InstitutionName": "Martinos Center Bay 1",
	"InstitutionalDepartmentName": "Department",
	"InstitutionAddress": "13th 149,Charlestown,MA,US,02129",
	"DeviceSerialNumber": "45407",
	"StationName": "BAY1OC",
	"BodyPartExamined": "BRAIN",
	"PatientPosition": "HFS",
	"ProcedureStepDescription": "LEWIS^LEWIS",
	"SoftwareVersions": "syngo MR E11",
	"MRAcquisitionType": "2D",
	"SeriesDescription": "B1 MAP",
	"ProtocolName": "B1 MAP",
	"ScanningSequence": "GR",
	"SequenceVariant": "SK\\SP",
	"SequenceName": "tfl2d1_512",
	"ImageType": ["ORIGINAL", "PRIMARY", "FLIP ANGLE MAP", "ND"],
	"SeriesNumber": 9,
	"AcquisitionTime": "19:29:52.692500",
	"AcquisitionNumber": 1,
	"ImageComments": "flip angle map",
	"SliceThickness": 7,
	"SpacingBetweenSlices": 14,
	"SAR": 0.0202661,
	"EchoTime": 0.00186,
	"RepetitionTime": 9,
	"FlipAngle": 79.99,
	"PartialFourier": 1,
	"BaseResolution": 64,
	"ShimSetting": [
		-5038,
		11836,
		-12120,
		47,
		-645,
		137,
		-11,
		73	],
	"TxRefAmp": 352.744,
	"PhaseResolution": 1,
	"ReceiveCoilName": "HeadNeck_64",
	"ReceiveCoilActiveElements": "HC1-7;NC1,2",
	"PulseSequenceDetails": "%SiemensSeq%\\tfl_b1map",
	"ConsistencyInfo": "N4_VE11C_LATEST_20160120",
	"PercentPhaseFOV": 100,
	"PercentSampling": 100,
	"PhaseEncodingSteps": 64,
	"AcquisitionMatrixPE": 64,
	"ReconMatrixPE": 64,
	"PixelBandwidth": 490,
	"DwellTime": 1.59e-05,
	"PhaseEncodingDirection": "j-",
	"SliceTiming": [
		0,
		4.71875,
		0.28125,
		4.98438,
		0.5625,
		5.26562,
		0.82812,
		5.54688,
		1.10938,
		5.8125,
		1.39062,
		6.09375,
		1.67188,
		6.375,
		1.9375,
		6.65625,
		2.21875,
		6.92188,
		2.5,
		7.20312,
		2.78125,
		7.48438,
		3.04688,
		7.76562,
		3.32812,
		8.03125,
		3.60938,
		8.3125,
		3.875,
		8.59375,
		4.15625,
		8.875,
		4.4375	],
	"ImageOrientationPatientDICOM": [
		0.999702,
		-0.00502044,
		-0.0238997,
		6.27001e-09,
		0.978641,
		-0.205576	],
	"InPlanePhaseEncodingDirectionDICOM": "COL",
	"ConversionSoftware": "dcm2niix",
	"ConversionSoftwareVersion": "v1.0.20210317"
}
