{
	"Modality": "MR",
	"TaskName": "task_checker",
	"MagneticFieldStrength": 7,
	"Manufacturer": "Siemens",
	"ManufacturersModelName": "Terra",
	"InstitutionName": "Martinos_Center_7T_Terra",
	"InstitutionalDepartmentName": "Martinos_Center",
	"InstitutionAddress": "13th_St_149_Charlestown_MA_US_02129",
	"DeviceSerialNumber": "79121",
	"StationName": "BAY2OC",
	"BodyPartExamined": "BRAIN",
	"PatientPosition": "HFS",
	"ProcedureStepDescription": "POLIMENI_laura",
	"SoftwareVersions": "syngo_MR_E12",
	"MRAcquisitionType": "2D",
	"SeriesDescription": "bold_pat4_sms2_run2",
	"ProtocolName": "bold_pat4_sms2_run2",
	"ScanningSequence": "EP",
	"SequenceVariant": "SK_SS",
	"ScanOptions": "FS",
	"SequenceName": "epfid2d1_120",
	"ImageType": ["ORIGINAL", "PRIMARY", "M", "MB", "ND", "MOSAIC"],
	"SeriesNumber": 19,
	"AcquisitionTime": "16:58:42.752500",
	"AcquisitionNumber": 1,
	"ImageComments": "Unaliased_MB2_PE3_LB",
	"SliceThickness": 1.6,
	"SpacingBetweenSlices": 1.6,
	"SAR": 0.24085,
	"EchoTime": 0.015,
	"RepetitionTime": 1.15,
	"FlipAngle": 41,
	"PartialFourier": 1,
	"BaseResolution": 120,
	"ShimSetting": [
		3702,
		-6725,
		-3292,
		1671,
		217,
		432,
		-55,
		20	],
	"TxRefAmp": 316.848,
	"PhaseResolution": 1,
	"ReceiveCoilName": "MGHTerra63ChBA",
	"ReceiveCoilActiveElements": "701-732;H12-18,21-28,31-38,41-48",
	"PulseSequenceDetails": "%CustomerSeq%_cmrr_mbep2d_bold",
	"ConsistencyInfo": "N4_VE12U_LATEST_20181126",
	"MultibandAccelerationFactor": 2,
	"PercentPhaseFOV": 100,
	"EchoTrainLength": 29,
	"PhaseEncodingSteps": 117,
	"AcquisitionMatrixPE": 120,
	"ReconMatrixPE": 120,
	"BandwidthPerPixelPhaseEncode": 54.645,
	"ParallelReductionFactorInPlane": 4,
	"EffectiveEchoSpacing": 0.000152499,
	"DerivedVendorReportedEchoSpacing": 0.000609998,
	"TotalReadoutTime": 0.0181474,
	"PixelBandwidth": 1985,
	"DwellTime": 2.1e-06,
	"PhaseEncodingDirection": "j-",
	"SliceTiming": [
		0,
		0.5925,
		0.0375,
		0.63,
		0.075,
		0.6675,
		0.11,
		0.705,
		0.1475,
		0.7425,
		0.185,
		0.7775,
		0.2225,
		0.815,
		0.26,
		0.8525,
		0.2975,
		0.89,
		0.3325,
		0.9275,
		0.37,
		0.965,
		0.4075,
		1.0025,
		0.445,
		1.0375,
		0.4825,
		1.075,
		0.52,
		1.1125,
		0.555,
		0,
		0.5925,
		0.0375,
		0.63,
		0.075,
		0.6675,
		0.11,
		0.705,
		0.1475,
		0.7425,
		0.185,
		0.7775,
		0.2225,
		0.815,
		0.26,
		0.8525,
		0.2975,
		0.89,
		0.3325,
		0.9275,
		0.37,
		0.965,
		0.4075,
		1.0025,
		0.445,
		1.0375,
		0.4825,
		1.075,
		0.52,
		1.1125,
		0.555	],
	"ImageOrientationPatientDICOM": [
		0.998585,
		0.0192986,
		-0.0495473,
		-0.0422023,
		0.854505,
		-0.517725	],
	"InPlanePhaseEncodingDirectionDICOM": "COL",
	"ConversionSoftware": "dcm2niix",
	"ConversionSoftwareVersion": "v1.0.20180622 (JP2:OpenJPEG) (JP-LS:CharLS) GCC5.5.0"
}
