{
	"Modality": "MR",
	"MagneticFieldStrength": 3,
	"ImagingFrequency": 123.254,
	"Manufacturer": "Siemens",
	"ManufacturersModelName": "Skyra",
	"InstitutionName": "Martinos Center Bay 1",
	"InstitutionalDepartmentName": "Department",
	"InstitutionAddress": "13th 149,Charlestown,MA,US,02129",
	"DeviceSerialNumber": "45407",
	"StationName": "BAY1OC",
	"BodyPartExamined": "BRAIN",
	"PatientPosition": "HFS",
	"ProcedureStepDescription": "LEWIS^LEWIS",
	"SoftwareVersions": "syngo MR E11",
	"MRAcquisitionType": "3D",
	"SeriesDescription": "Mag_Images",
	"ProtocolName": "Ax SWI clincial",
	"ScanningSequence": "GR",
	"SequenceVariant": "SP\\OSP",
	"SequenceName": "*swi3d1r",
	"ImageType": ["ORIGINAL", "PRIMARY", "M", "ND", "NORM"],
	"SeriesNumber": 13,
	"AcquisitionTime": "15:55:17.967500",
	"AcquisitionNumber": 1,
	"SliceThickness": 1.8,
	"SAR": 0.0104386,
	"EchoTime": 0.02,
	"RepetitionTime": 0.03,
	"FlipAngle": 12,
	"PartialFourier": 1,
	"BaseResolution": 256,
	"ShimSetting": [
		-5067,
		11848,
		-11790,
		654,
		-890,
		141,
		-240,
		160	],
	"TxRefAmp": 360.228,
	"PhaseResolution": 0.95,
	"ReceiveCoilName": "HeadNeck_64",
	"ReceiveCoilActiveElements": "HC1-7;NC1",
	"PulseSequenceDetails": "%SiemensSeq%\\gre",
	"RefLinesPE": 24,
	"ConsistencyInfo": "N4_VE11C_LATEST_20160120",
	"PercentPhaseFOV": 75,
	"PercentSampling": 95,
	"PhaseEncodingSteps": 182,
	"AcquisitionMatrixPE": 182,
	"ReconMatrixPE": 192,
	"ParallelReductionFactorInPlane": 2,
	"PixelBandwidth": 80,
	"DwellTime": 2.44e-05,
	"ImageOrientationPatientDICOM": [
		0.996475,
		-0.0579322,
		-0.0606735,
		0.027486,
		0.908801,
		-0.416322	],
	"InPlanePhaseEncodingDirectionDICOM": "ROW",
	"ConversionSoftware": "dcm2niix",
	"ConversionSoftwareVersion": "v1.0.20210317"
}
