{
	"Modality": "MR",
	"MagneticFieldStrength": 3,
	"ImagingFrequency": 123.254,
	"Manufacturer": "Siemens",
	"ManufacturersModelName": "Skyra",
	"InstitutionName": "Martinos Center Bay 1",
	"InstitutionalDepartmentName": "Department",
	"InstitutionAddress": "13th 149,Charlestown,MA,US,02129",
	"DeviceSerialNumber": "45407",
	"StationName": "BAY1OC",
	"BodyPartExamined": "BRAIN",
	"PatientPosition": "HFS",
	"ProcedureStepDescription": "LEWIS^LEWIS",
	"SoftwareVersions": "syngo MR E11",
	"MRAcquisitionType": "2D",
	"SeriesDescription": "t2_tse",
	"ProtocolName": "t2_tse",
	"ScanningSequence": "SE",
	"SequenceVariant": "SK\\SP\\OSP",
	"SequenceName": "*tse2d1_21",
	"ImageType": ["ORIGINAL", "PRIMARY", "M", "NORM", "DIS3D", "DIS2D"],
	"SeriesNumber": 24,
	"AcquisitionTime": "17:07:23.572500",
	"AcquisitionNumber": 1,
	"SliceThickness": 3,
	"SpacingBetweenSlices": 3,
	"SAR": 0.855221,
	"EchoTime": 0.095,
	"RepetitionTime": 6,
	"FlipAngle": 160,
	"PartialFourier": 1,
	"BaseResolution": 320,
	"ShimSetting": [
		-5038,
		11836,
		-12120,
		47,
		-645,
		137,
		-11,
		73	],
	"TxRefAmp": 346.635,
	"PhaseResolution": 0.85,
	"PhaseOversampling": 1,
	"ReceiveCoilName": "HeadNeck_64",
	"ReceiveCoilActiveElements": "HC1-7;NC1",
	"PulseSequenceDetails": "%SiemensSeq%\\tse",
	"ConsistencyInfo": "N4_VE11C_LATEST_20160120",
	"PercentPhaseFOV": 100,
	"PercentSampling": 85,
	"EchoTrainLength": 21,
	"PhaseEncodingSteps": 546,
	"AcquisitionMatrixPE": 272,
	"ReconMatrixPE": 320,
	"PixelBandwidth": 260,
	"DwellTime": 6e-06,
	"PhaseEncodingDirection": "j-",
	"SliceTiming": [
		0,
		3.09375,
		0.1875,
		3.28125,
		0.375,
		3.48438,
		0.57812,
		3.67188,
		0.76562,
		3.85938,
		0.96875,
		4.0625,
		1.15625,
		4.25,
		1.34375,
		4.45312,
		1.54688,
		4.64062,
		1.73438,
		4.82812,
		1.9375,
		5.03125,
		2.125,
		5.21875,
		2.3125,
		5.42188,
		2.51562,
		5.60938,
		2.70312,
		5.79688,
		2.90625	],
	"ImageOrientationPatientDICOM": [
		0.996106,
		-0.0144914,
		-0.0869682,
		2.127e-08,
		0.9864,
		-0.164363	],
	"InPlanePhaseEncodingDirectionDICOM": "COL",
	"ConversionSoftware": "dcm2niix",
	"ConversionSoftwareVersion": "v1.0.20201102"
}
