{
	"Modality": "MR",
	"MagneticFieldStrength": 7,
	"Manufacturer": "Siemens",
	"ManufacturersModelName": "Terra",
	"InstitutionName": "MGH_Terra_Bay2",
	"InstitutionalDepartmentName": "Martinos_Center",
	"InstitutionAddress": "13th_St_149_Charlestown_MA_US_02129",
	"DeviceSerialNumber": "79121",
	"StationName": "BAY2OC",
	"BodyPartExamined": "BRAIN",
	"PatientPosition": "HFS",
	"ProcedureStepDescription": "POLIMENI_laura",
	"SoftwareVersions": "syngo_MR_E12",
	"MRAcquisitionType": "3D",
	"SeriesDescription": "MEMPRAGE_4e_p2_FOCI_750um_RMS",
	"ProtocolName": "MEMPRAGE_4e_p2_FOCI_750um",
	"ScanningSequence": "GR_IR",
	"SequenceVariant": "SK_SP_MP",
	"ScanOptions": "IR",
	"SequenceName": "tfl_me3d4_16ns",
	"ImageType": ["ORIGINAL", "PRIMARY", "OTHER", "ND", "MEAN"],
	"SeriesNumber": 25,
	"AcquisitionTime": "19:11:53.152500",
	"AcquisitionNumber": 1,
	"SliceThickness": 0.75,
	"SAR": 0.257397,
	"EchoTime": 0.00172,
	"RepetitionTime": 3.82,
	"InversionTime": 1.14,
	"FlipAngle": 7,
	"PartialFourier": 1,
	"BaseResolution": 300,
	"ShimSetting": [
		3754,
		-6642,
		-3428,
		1457,
		-94,
		497,
		253,
		-135	],
	"TxRefAmp": 430,
	"PhaseResolution": 1,
	"ReceiveCoilName": "MGHTerra63ChBA",
	"ReceiveCoilActiveElements": "701-732;H12-18,21-28,31-38,41-48",
	"PulseSequenceDetails": "%CustomerSeq%_tfl_mgh_multiecho_extinv",
	"ConsistencyInfo": "N4_VE12U_LATEST_20181126",
	"PercentPhaseFOV": 100,
	"PhaseEncodingSteps": 298,
	"AcquisitionMatrixPE": 300,
	"ReconMatrixPE": 300,
	"ParallelReductionFactorInPlane": 3,
	"PixelBandwidth": 695,
	"DwellTime": 2.4e-06,
	"ImageOrientationPatientDICOM": [
		-0.0381779,
		0.985648,
		-0.164439,
		-0.0805969,
		-0.16706,
		-0.982647	],
	"InPlanePhaseEncodingDirectionDICOM": "ROW",
	"ConversionSoftware": "dcm2niix",
	"ConversionSoftwareVersion": "v1.0.20180622 (JP2:OpenJPEG) (JP-LS:CharLS) GCC5.5.0"
}
