{
	"Modality": "MR",
	"MagneticFieldStrength": 3,
	"ImagingFrequency": 123.254,
	"Manufacturer": "Siemens",
	"ManufacturersModelName": "Skyra",
	"InstitutionName": "Martinos Center Bay 1",
	"InstitutionalDepartmentName": "Department",
	"InstitutionAddress": "13th 149,Charlestown,MA,US,02129",
	"DeviceSerialNumber": "45407",
	"StationName": "BAY1OC",
	"BodyPartExamined": "BRAIN",
	"PatientPosition": "HFS",
	"ProcedureStepDescription": "LEWIS^LEWIS",
	"SoftwareVersions": "syngo MR E11",
	"MRAcquisitionType": "2D",
	"SeriesDescription": "t2_tse",
	"ProtocolName": "t2_tse",
	"ScanningSequence": "SE",
	"SequenceVariant": "SK\\SP\\OSP",
	"SequenceName": "*tse2d1_21",
	"ImageType": ["ORIGINAL", "PRIMARY", "M", "NORM", "DIS3D", "DIS2D"],
	"SeriesNumber": 24,
	"AcquisitionTime": "19:11:50.567500",
	"AcquisitionNumber": 1,
	"SliceThickness": 3,
	"SpacingBetweenSlices": 3,
	"SAR": 0.687027,
	"EchoTime": 0.095,
	"RepetitionTime": 6,
	"FlipAngle": 160,
	"PartialFourier": 1,
	"BaseResolution": 320,
	"ShimSetting": [
		-5038,
		11836,
		-12120,
		47,
		-645,
		137,
		-11,
		73	],
	"TxRefAmp": 332.458,
	"PhaseResolution": 0.85,
	"PhaseOversampling": 1,
	"ReceiveCoilName": "HeadNeck_64",
	"ReceiveCoilActiveElements": "HC1-7",
	"PulseSequenceDetails": "%SiemensSeq%\\tse",
	"ConsistencyInfo": "N4_VE11C_LATEST_20160120",
	"PercentPhaseFOV": 100,
	"PercentSampling": 85,
	"EchoTrainLength": 21,
	"PhaseEncodingSteps": 546,
	"AcquisitionMatrixPE": 272,
	"ReconMatrixPE": 320,
	"PixelBandwidth": 260,
	"DwellTime": 6e-06,
	"PhaseEncodingDirection": "j-",
	"SliceTiming": [
		0,
		3.10938,
		0.20312,
		3.29688,
		0.39062,
		3.48438,
		0.57812,
		3.6875,
		0.78125,
		3.875,
		0.96875,
		4.0625,
		1.17188,
		4.26562,
		1.35938,
		4.45312,
		1.54688,
		4.65625,
		1.75,
		4.84375,
		1.9375,
		5.03125,
		2.14062,
		5.23438,
		2.32812,
		5.42188,
		2.51562,
		5.625,
		2.71875,
		5.8125,
		2.90625	],
	"ImageOrientationPatientDICOM": [
		0.999276,
		0.00630538,
		0.0375232,
		-1.37353e-09,
		0.986174,
		-0.165716	],
	"InPlanePhaseEncodingDirectionDICOM": "COL",
	"ConversionSoftware": "dcm2niix",
	"ConversionSoftwareVersion": "v1.0.20201102"
}
