{
	"Modality": "MR",
	"MagneticFieldStrength": 3,
	"ImagingFrequency": 123.254,
	"Manufacturer": "Siemens",
	"ManufacturersModelName": "Skyra",
	"InstitutionName": "Martinos Center Bay 1",
	"InstitutionalDepartmentName": "Department",
	"InstitutionAddress": "13th 149,Charlestown,MA,US,02129",
	"DeviceSerialNumber": "45407",
	"StationName": "BAY1OC",
	"BodyPartExamined": "BRAIN",
	"PatientPosition": "HFS",
	"ProcedureStepDescription": "LEWIS^LEWIS",
	"SoftwareVersions": "syngo MR E11",
	"MRAcquisitionType": "3D",
	"SeriesDescription": "mIP_Images(SW)",
	"ProtocolName": "Ax SWI clincial",
	"ScanningSequence": "GR",
	"SequenceVariant": "SP\\OSP",
	"SequenceName": "*swi3d1r",
	"ImageType": ["ORIGINAL", "PRIMARY", "MNIP", "ND", "NORM"],
	"SeriesNumber": 15,
	"AcquisitionTime": "17:59:41.052500",
	"AcquisitionNumber": 1,
	"SliceThickness": 14.4,
	"SAR": 0.00908588,
	"EchoTime": 0.02,
	"RepetitionTime": 0.03,
	"FlipAngle": 12,
	"PartialFourier": 1,
	"BaseResolution": 256,
	"ShimSetting": [
		-5040,
		11907,
		-11687,
		559,
		-659,
		101,
		-168,
		90	],
	"TxRefAmp": 347.234,
	"PhaseResolution": 0.95,
	"ReceiveCoilName": "HeadNeck_64",
	"ReceiveCoilActiveElements": "HC1-7;NC1",
	"PulseSequenceDetails": "%SiemensSeq%\\gre",
	"RefLinesPE": 24,
	"ConsistencyInfo": "N4_VE11C_LATEST_20160120",
	"PercentPhaseFOV": 75,
	"PercentSampling": 95,
	"PhaseEncodingSteps": 182,
	"AcquisitionMatrixPE": 182,
	"ReconMatrixPE": 192,
	"ParallelReductionFactorInPlane": 2,
	"PixelBandwidth": 80,
	"DwellTime": 2.44e-05,
	"ImageOrientationPatientDICOM": [
		0.999547,
		-0.0180307,
		-0.0240782,
		0.00976973,
		0.951641,
		-0.307058	],
	"InPlanePhaseEncodingDirectionDICOM": "ROW",
	"ConversionSoftware": "dcm2niix",
	"ConversionSoftwareVersion": "v1.0.20201102"
}
