{
	"Modality": "MR",
	"MagneticFieldStrength": 3,
	"ImagingFrequency": 123.254,
	"Manufacturer": "Siemens",
	"ManufacturersModelName": "Skyra",
	"InstitutionName": "Mass General Hospital - Martinos Center Bay 1",
	"InstitutionalDepartmentName": "Department",
	"InstitutionAddress": "13th 149,Charlestown,MA,US,02129",
	"DeviceSerialNumber": "45407",
	"StationName": "BAY1OC",
	"BodyPartExamined": "BRAIN",
	"PatientPosition": "HFS",
	"ProcedureStepDescription": "LEWIS^LEWIS",
	"SoftwareVersions": "syngo MR E11",
	"MRAcquisitionType": "2D",
	"SeriesDescription": "B1 MAP",
	"ProtocolName": "B1 MAP",
	"ScanningSequence": "GR",
	"SequenceVariant": "SK\\SP",
	"SequenceName": "tfl2d1_512",
	"ImageType": ["ORIGINAL", "PRIMARY", "M", "ND"],
	"SeriesNumber": 8,
	"AcquisitionTime": "12:27:4.550000",
	"AcquisitionNumber": 1,
	"ImageComments": "anatomical image",
	"SliceThickness": 7,
	"SpacingBetweenSlices": 14,
	"SAR": 0.012068,
	"EchoTime": 0.00186,
	"RepetitionTime": 9,
	"FlipAngle": 8,
	"PartialFourier": 1,
	"BaseResolution": 64,
	"ShimSetting": [
		-5038,
		11836,
		-12120,
		47,
		-645,
		137,
		-11,
		73	],
	"TxRefAmp": 277.838,
	"PhaseResolution": 1,
	"ReceiveCoilName": "HeadNeck_64",
	"ReceiveCoilActiveElements": "HC1-7;NC1,2",
	"PulseSequenceDetails": "%SiemensSeq%\\tfl_b1map",
	"ConsistencyInfo": "N4_VE11C_LATEST_20160120",
	"PercentPhaseFOV": 100,
	"PercentSampling": 100,
	"PhaseEncodingSteps": 64,
	"AcquisitionMatrixPE": 64,
	"ReconMatrixPE": 64,
	"PixelBandwidth": 490,
	"DwellTime": 1.59e-05,
	"PhaseEncodingDirection": "j-",
	"SliceTiming": [
		0,
		4.71094,
		0.28125,
		4.98438,
		0.55469,
		5.26562,
		0.83594,
		5.53906,
		1.10938,
		5.82031,
		1.39062,
		6.09375,
		1.66406,
		6.375,
		1.9375,
		6.64844,
		2.21875,
		6.92188,
		2.49219,
		7.20312,
		2.77344,
		7.48438,
		3.04688,
		7.75781,
		3.32812,
		8.03125,
		3.60156,
		8.3125,
		3.88281,
		8.58594,
		4.15625,
		8.85938,
		4.42969	],
	"ImageOrientationPatientDICOM": [
		1,
		0,
		0,
		0,
		1,
		0	],
	"InPlanePhaseEncodingDirectionDICOM": "COL",
	"ConversionSoftware": "dcm2niix",
	"ConversionSoftwareVersion": "v1.0.20201102"
}
