{
	"Modality": "MR",
	"TaskName": "task_checker",
	"MagneticFieldStrength": 7,
	"Manufacturer": "Siemens",
	"ManufacturersModelName": "Terra",
	"InstitutionName": "Martinos_Center_7T_Terra",
	"InstitutionalDepartmentName": "Martinos_Center",
	"InstitutionAddress": "13th_St_149_Charlestown_MA_US_02129",
	"DeviceSerialNumber": "79121",
	"StationName": "BAY2OC",
	"BodyPartExamined": "BRAIN",
	"PatientPosition": "HFS",
	"ProcedureStepDescription": "POLIMENI_laura",
	"SoftwareVersions": "syngo_MR_E12",
	"MRAcquisitionType": "2D",
	"SeriesDescription": "bold_pat4_sms2_run4",
	"ProtocolName": "bold_pat4_sms2_run4",
	"ScanningSequence": "EP",
	"SequenceVariant": "SK_SS",
	"ScanOptions": "FS",
	"SequenceName": "epfid2d1_120",
	"ImageType": ["ORIGINAL", "PRIMARY", "M", "MB", "ND", "MOSAIC"],
	"SeriesNumber": 33,
	"AcquisitionTime": "17:36:33.567500",
	"AcquisitionNumber": 1,
	"ImageComments": "Unaliased_MB2_PE3_LB",
	"SliceThickness": 1.6,
	"SpacingBetweenSlices": 1.6,
	"SAR": 0.268041,
	"EchoTime": 0.015,
	"RepetitionTime": 1.15,
	"FlipAngle": 41,
	"PartialFourier": 1,
	"BaseResolution": 120,
	"ShimSetting": [
		3709,
		-6754,
		-3304,
		1609,
		86,
		615,
		60,
		39	],
	"TxRefAmp": 328.741,
	"PhaseResolution": 1,
	"ReceiveCoilName": "MGHTerra63ChBA",
	"ReceiveCoilActiveElements": "701-732;H12-18,21-28,31-38,41-48",
	"PulseSequenceDetails": "%CustomerSeq%_cmrr_mbep2d_bold",
	"ConsistencyInfo": "N4_VE12U_LATEST_20181126",
	"MultibandAccelerationFactor": 2,
	"PercentPhaseFOV": 100,
	"EchoTrainLength": 29,
	"PhaseEncodingSteps": 117,
	"AcquisitionMatrixPE": 120,
	"ReconMatrixPE": 120,
	"BandwidthPerPixelPhaseEncode": 54.645,
	"ParallelReductionFactorInPlane": 4,
	"EffectiveEchoSpacing": 0.000152499,
	"DerivedVendorReportedEchoSpacing": 0.000609998,
	"TotalReadoutTime": 0.0181474,
	"PixelBandwidth": 1985,
	"DwellTime": 2.1e-06,
	"PhaseEncodingDirection": "j-",
	"SliceTiming": [
		0,
		0.595,
		0.0375,
		0.6325,
		0.075,
		0.6675,
		0.1125,
		0.705,
		0.15,
		0.7425,
		0.1875,
		0.78,
		0.2225,
		0.8175,
		0.26,
		0.855,
		0.2975,
		0.89,
		0.335,
		0.9275,
		0.3725,
		0.965,
		0.41,
		1.0025,
		0.445,
		1.04,
		0.4825,
		1.0775,
		0.52,
		1.115,
		0.5575,
		0,
		0.595,
		0.0375,
		0.6325,
		0.075,
		0.6675,
		0.1125,
		0.705,
		0.15,
		0.7425,
		0.1875,
		0.78,
		0.2225,
		0.8175,
		0.26,
		0.855,
		0.2975,
		0.89,
		0.335,
		0.9275,
		0.3725,
		0.965,
		0.41,
		1.0025,
		0.445,
		1.04,
		0.4825,
		1.0775,
		0.52,
		1.115,
		0.5575	],
	"ImageOrientationPatientDICOM": [
		0.998888,
		0.0168571,
		-0.0440205,
		-0.0347074,
		0.894927,
		-0.44486	],
	"InPlanePhaseEncodingDirectionDICOM": "COL",
	"ConversionSoftware": "dcm2niix",
	"ConversionSoftwareVersion": "v1.0.20180622 (JP2:OpenJPEG) (JP-LS:CharLS) GCC5.5.0"
}
