{
	"Modality": "MR",
	"MagneticFieldStrength": 3,
	"ImagingFrequency": 123.254,
	"Manufacturer": "Siemens",
	"ManufacturersModelName": "Skyra",
	"InstitutionName": "Martinos Center Bay 1",
	"InstitutionalDepartmentName": "Department",
	"InstitutionAddress": "13th 149,Charlestown,MA,US,02129",
	"DeviceSerialNumber": "45407",
	"StationName": "BAY1OC",
	"BodyPartExamined": "BRAIN",
	"PatientPosition": "HFS",
	"ProcedureStepDescription": "LEWIS^LEWIS",
	"SoftwareVersions": "syngo MR E11",
	"MRAcquisitionType": "2D",
	"SeriesDescription": "t2_tse",
	"ProtocolName": "t2_tse",
	"ScanningSequence": "SE",
	"SequenceVariant": "SK\\SP\\OSP",
	"SequenceName": "*tse2d1_21",
	"ImageType": ["ORIGINAL", "PRIMARY", "M", "NORM", "DIS3D", "DIS2D"],
	"SeriesNumber": 24,
	"AcquisitionTime": "18:17:33.612500",
	"AcquisitionNumber": 1,
	"SliceThickness": 3,
	"SpacingBetweenSlices": 3,
	"SAR": 0.687027,
	"EchoTime": 0.095,
	"RepetitionTime": 6,
	"FlipAngle": 160,
	"PartialFourier": 1,
	"BaseResolution": 320,
	"ShimSetting": [
		-5038,
		11836,
		-12120,
		47,
		-645,
		137,
		-11,
		73	],
	"TxRefAmp": 347.234,
	"PhaseResolution": 0.85,
	"PhaseOversampling": 1,
	"ReceiveCoilName": "HeadNeck_64",
	"ReceiveCoilActiveElements": "HC1-7;NC1",
	"PulseSequenceDetails": "%SiemensSeq%\\tse",
	"ConsistencyInfo": "N4_VE11C_LATEST_20160120",
	"PercentPhaseFOV": 100,
	"PercentSampling": 85,
	"EchoTrainLength": 21,
	"PhaseEncodingSteps": 546,
	"AcquisitionMatrixPE": 272,
	"ReconMatrixPE": 320,
	"PixelBandwidth": 260,
	"DwellTime": 6e-06,
	"PhaseEncodingDirection": "j-",
	"SliceTiming": [
		0,
		3.09375,
		0.20312,
		3.29688,
		0.39062,
		3.48438,
		0.57812,
		3.6875,
		0.78125,
		3.875,
		0.96875,
		4.0625,
		1.15625,
		4.26562,
		1.35938,
		4.45312,
		1.54688,
		4.64062,
		1.75,
		4.84375,
		1.9375,
		5.03125,
		2.125,
		5.23438,
		2.32812,
		5.42188,
		2.51562,
		5.60938,
		2.71875,
		5.8125,
		2.90625	],
	"ImageOrientationPatientDICOM": [
		0.999326,
		-0.0134266,
		-0.0341638,
		-2.82587e-08,
		0.930704,
		-0.365774	],
	"InPlanePhaseEncodingDirectionDICOM": "COL",
	"ConversionSoftware": "dcm2niix",
	"ConversionSoftwareVersion": "v1.0.20201102"
}
