{
	"Modality": "MR",
	"MagneticFieldStrength": 3,
	"ImagingFrequency": 123.254,
	"Manufacturer": "Siemens",
	"ManufacturersModelName": "Skyra",
	"InstitutionName": "Martinos Center Bay 1",
	"InstitutionalDepartmentName": "Department",
	"InstitutionAddress": "13th 149,Charlestown,MA,US,02129",
	"DeviceSerialNumber": "45407",
	"StationName": "BAY1OC",
	"BodyPartExamined": "BRAIN",
	"PatientPosition": "HFS",
	"ProcedureStepDescription": "LEWIS^LEWIS",
	"SoftwareVersions": "syngo MR E11",
	"MRAcquisitionType": "2D",
	"SeriesDescription": "B1 MAP",
	"ProtocolName": "B1 MAP",
	"ScanningSequence": "GR",
	"SequenceVariant": "SK\\SP",
	"SequenceName": "tfl2d1_512",
	"ImageType": ["ORIGINAL", "PRIMARY", "FLIP ANGLE MAP", "ND"],
	"SeriesNumber": 9,
	"AcquisitionTime": "17:54:28.682500",
	"AcquisitionNumber": 1,
	"ImageComments": "flip angle map",
	"SliceThickness": 7,
	"SpacingBetweenSlices": 14,
	"SAR": 0.0146396,
	"EchoTime": 0.00186,
	"RepetitionTime": 9,
	"FlipAngle": 80,
	"PartialFourier": 1,
	"BaseResolution": 64,
	"ShimSetting": [
		-5038,
		11836,
		-12120,
		47,
		-645,
		137,
		-11,
		73	],
	"TxRefAmp": 373.409,
	"PhaseResolution": 1,
	"ReceiveCoilName": "HeadNeck_64",
	"ReceiveCoilActiveElements": "HC1-7;NC1,2",
	"PulseSequenceDetails": "%SiemensSeq%\\tfl_b1map",
	"ConsistencyInfo": "N4_VE11C_LATEST_20160120",
	"PercentPhaseFOV": 100,
	"PercentSampling": 100,
	"PhaseEncodingSteps": 64,
	"AcquisitionMatrixPE": 64,
	"ReconMatrixPE": 64,
	"PixelBandwidth": 490,
	"DwellTime": 1.59e-05,
	"PhaseEncodingDirection": "j-",
	"SliceTiming": [
		0,
		4.70312,
		0.26562,
		4.98438,
		0.54688,
		5.25,
		0.82812,
		5.53125,
		1.10938,
		5.8125,
		1.375,
		6.09375,
		1.65625,
		6.35938,
		1.9375,
		6.64062,
		2.20312,
		6.92188,
		2.48438,
		7.1875,
		2.76562,
		7.46875,
		3.04688,
		7.75,
		3.3125,
		8.03125,
		3.59375,
		8.29688,
		3.875,
		8.57812,
		4.14062,
		8.85938,
		4.42188	],
	"ImageOrientationPatientDICOM": [
		0.997945,
		0.000210969,
		-0.0640687,
		6.30667e-09,
		0.999995,
		0.00329293	],
	"InPlanePhaseEncodingDirectionDICOM": "COL",
	"ConversionSoftware": "dcm2niix",
	"ConversionSoftwareVersion": "v1.0.20210317"
}
